GEM
  remote: https://rubygems.org/
  specs:
    dnsimple (4.6.0)
      httparty
    httparty (0.21.0)
      mini_mime (>= 1.0.0)
      multi_xml (>= 0.5.2)
    mini_mime (1.1.2)
    multi_xml (0.6.0)
    redis (4.1.0)

PLATFORMS
  ruby

DEPENDENCIES
  bundler (= 2.0.1)
  dnsimple
  redis

BUNDLED WITH
   2.0.1
