GEM
  remote: https://rubygems.org/
  specs:
    dnsimple (4.6.0)
      httparty
    httparty (0.16.4)
      mime-types (~> 3.0)
      multi_xml (>= 0.5.2)
    mime-types (3.2.2)
      mime-types-data (~> 3.2015)
    mime-types-data (3.2018.0812)
    multi_xml (0.6.0)
    redis (4.1.0)

PLATFORMS
  ruby

DEPENDENCIES
  dnsimple
  redis

BUNDLED WITH
   1.17.3
